GEM
  remote: http://rubygems.org/
  specs:
    rmagick (4.2.2)

PLATFORMS
  ruby

DEPENDENCIES
  rmagick

BUNDLED WITH
   2.2.18
